GEM
  remote: http://rubygems.org/
  specs:
    daemons (1.1.4)
    diff-lcs (1.1.3)
    eventmachine (0.12.10)
    haml (3.1.4)
    json (1.6.3)
    macaddr (1.5.0)
      systemu (>= 2.4.0)
    rack (1.3.5)
    rack-test (0.6.1)
      rack (>= 1.0)
    rake (0.9.2.2)
    rspec (2.6.0)
      rspec-core (~> 2.6.0)
      rspec-expectations (~> 2.6.0)
      rspec-mocks (~> 2.6.0)
    rspec-core (2.6.4)
    rspec-expectations (2.6.0)
      diff-lcs (~> 1.1.2)
    rspec-mocks (2.6.0)
    sinatra (1.2.7)
      rack (~> 1.1)
      tilt (>= 1.2.2, < 2.0)
    systemu (2.4.1)
    thin (1.2.11)
      daemons (>= 1.0.9)
      eventmachine (>= 0.12.6)
      rack (>= 1.0.0)
    tilt (1.3.3)
    uuid (2.3.4)
      macaddr (~> 1.0)

PLATFORMS
  ruby

DEPENDENCIES
  haml (~> 3.1.0)
  json (~> 1.6.1)
  rack-test (~> 0.6.1)
  rake (~> 0.9.2)
  rspec (~> 2.6.0)
  sinatra (~> 1.2.6)
  thin (~> 1.2.11)
  uuid (~> 2.3.0)
